GEM
  remote: https://rubygems.org/
  specs:
    RedCloth (4.2.9)
    bourbon (4.2.1)
      sass (~> 3.4)
      thor
    celluloid (0.16.0)
      timers (~> 4.0.0)
    codeclimate-test-reporter (0.4.6)
      simplecov (>= 0.7.1, < 1.0.0)
    colorator (0.1)
    docile (1.1.5)
    execjs (2.4.0)
    ffi (1.9.6)
    hash-joiner (0.0.7)
      safe_yaml
    hike (1.2.3)
    hitimes (1.2.2)
    htmlentities (4.3.3)
    jekyll (3.0.0.beta2)
      colorator (~> 0.1)
      jekyll-sass-converter (~> 1.0)
      jekyll-watch (~> 1.1)
      kramdown (~> 1.3)
      liquid (~> 3.0)
      mercenary (~> 0.3.3)
      rouge (~> 1.7)
      safe_yaml (~> 1.0)
    jekyll-assets (0.9.2)
      jekyll (>= 1.0.0, < 3.0.0)
      sass (~> 3.2)
      sprockets (~> 2.10)
      sprockets-helpers
      sprockets-sass
    jekyll-sass-converter (1.3.0)
      sass (~> 3.2)
    jekyll-sitemap (0.8.0)
    jekyll-watch (1.2.1)
      listen (~> 2.7)
    jekyll_pages_api (0.1.1)
      htmlentities (~> 4.3)
      jekyll (>= 2.0, < 4.0)
    json (1.8.2)
    kramdown (1.6.0)
    liquid (3.0.1)
    liquid_pluralize (1.0.2)
      liquid (>= 2.6, < 4.0)
    listen (2.8.5)
      celluloid (>= 0.15.2)
      rb-fsevent (>= 0.9.3)
      rb-inotify (>= 0.9)
    mercenary (0.3.5)
    minitest (5.5.1)
    multi_json (1.11.0)
    rack (1.6.0)
    rake (10.4.2)
    rb-fsevent (0.9.4)
    rb-inotify (0.9.5)
      ffi (>= 0.5.0)
    redcarpet (3.2.2)
    rouge (1.8.0)
    safe_yaml (1.0.4)
    sass (3.4.13)
    simplecov (0.9.2)
      docile (~> 1.1.0)
      multi_json (~> 1.0)
      simplecov-html (~> 0.9.0)
    simplecov-html (0.9.0)
    sprockets (2.12.3)
      hike (~> 1.2)
      multi_json (~> 1.0)
      rack (~> 1.0)
      tilt (~> 1.1, != 1.3.0)
    sprockets-helpers (1.1.0)
      sprockets (~> 2.0)
    sprockets-sass (1.3.1)
      sprockets (~> 2.0)
      tilt (~> 1.1)
    team_hub (0.0.5)
      hash-joiner
      jekyll
      weekly_snippets
    test_temp_file_helper (0.0.2)
      rake (~> 10.0)
    thor (0.19.1)
    tilt (1.4.1)
    timers (4.0.1)
      hitimes
    uglifier (2.7.0)
      execjs (>= 0.3.0)
      json (>= 1.8.0)
    weekly_snippets (0.0.2)

PLATFORMS
  ruby

DEPENDENCIES
  RedCloth
  bourbon
  codeclimate-test-reporter
  hash-joiner
  jekyll (= 3.0.0.beta2)
  jekyll-assets
  jekyll-sitemap
  jekyll_pages_api
  liquid_pluralize
  minitest
  rake
  redcarpet
  rouge
  team_hub
  test_temp_file_helper
  uglifier
  weekly_snippets
