GEM
  remote: https://rubygems.org/
  specs:
    RedCloth (4.3.0)
    about_yml (0.0.8)
      json-schema
      octokit (~> 3.0)
      safe_yaml (~> 1.0)
    addressable (2.3.8)
    bourbon (4.2.6)
      sass (~> 3.4)
      thor (~> 0.19)
    codeclimate-test-reporter (0.4.8)
      simplecov (>= 0.7.1, < 1.0.0)
    colorator (0.1)
    colored (1.2)
    coveralls (0.8.3)
      json (~> 1.8)
      rest-client (>= 1.6.8, < 2)
      simplecov (~> 0.10.0)
      term-ansicolor (~> 1.3)
      thor (~> 0.19.1)
    docile (1.1.5)
    domain_name (0.5.25)
      unf (>= 0.0.5, < 1.0.0)
    ethon (0.8.0)
      ffi (>= 1.3.0)
    execjs (2.6.0)
    faraday (0.9.2)
      multipart-post (>= 1.2, < 3)
    fastimage (1.7.0)
      addressable (~> 2.3, >= 2.3.5)
    ffi (1.9.10)
    go_script (0.1.5)
      bundler (~> 1.10)
      safe_yaml (~> 1.0)
    hash-joiner (0.0.7)
      safe_yaml
    hike (1.2.3)
    html-proofer (2.5.1)
      addressable (~> 2.3)
      colored (~> 1.2)
      mercenary (~> 0.3.2)
      nokogiri (~> 1.5)
      parallel (~> 1.3)
      typhoeus (~> 0.7)
      yell (~> 2.0)
    htmlentities (4.3.4)
    http-cookie (1.0.2)
      domain_name (~> 0.5)
    jekyll (3.0.0)
      colorator (~> 0.1)
      jekyll-sass-converter (~> 1.0)
      jekyll-watch (~> 1.1)
      kramdown (~> 1.3)
      liquid (~> 3.0)
      mercenary (~> 0.3.3)
      rouge (~> 1.7)
      safe_yaml (~> 1.0)
    jekyll-assets (1.0.0)
      fastimage (~> 1.6)
      jekyll (>= 2)
      mini_magick (~> 4.1)
      sass (~> 3.2)
      sprockets (~> 2.10)
      sprockets-helpers
      sprockets-sass
    jekyll-sass-converter (1.3.0)
      sass (~> 3.2)
    jekyll-sitemap (0.9.0)
    jekyll-watch (1.3.0)
      listen (~> 3.0)
    jekyll_pages_api (0.1.5)
      htmlentities (~> 4.3)
      jekyll (>= 2.0, < 4.0)
    jekyll_pages_api_search (0.3.0)
      jekyll_pages_api (~> 0.1.4)
      sass (~> 3.4)
      therubyracer (~> 0.12.2)
    json (1.8.3)
    json-schema (2.5.2)
      addressable (~> 2.3.8)
    kramdown (1.9.0)
    libv8 (3.16.14.13)
    liquid (3.0.6)
    liquid_pluralize (1.0.2)
      liquid (>= 2.6, < 4.0)
    listen (3.0.3)
      rb-fsevent (>= 0.9.3)
      rb-inotify (>= 0.9)
    mercenary (0.3.5)
    mime-types (2.6.2)
    mini_magick (4.3.6)
    mini_portile (0.6.2)
    minitest (5.8.2)
    multi_json (1.11.2)
    multipart-post (2.0.0)
    netrc (0.10.3)
    nokogiri (1.6.6.2)
      mini_portile (~> 0.6.0)
    octokit (3.8.0)
      sawyer (~> 0.6.0, >= 0.5.3)
    parallel (1.6.1)
    rack (1.6.4)
    rake (10.4.2)
    rb-fsevent (0.9.6)
    rb-inotify (0.9.5)
      ffi (>= 0.5.0)
    redcarpet (3.3.3)
    ref (2.0.0)
    rest-client (1.8.0)
      http-cookie (>= 1.0.2, < 2.0)
      mime-types (>= 1.16, < 3.0)
      netrc (~> 0.7)
    rouge (1.10.1)
    safe_yaml (1.0.4)
    sass (3.4.19)
    sawyer (0.6.0)
      addressable (~> 2.3.5)
      faraday (~> 0.8, < 0.10)
    simplecov (0.10.0)
      docile (~> 1.1.0)
      json (~> 1.8)
      simplecov-html (~> 0.10.0)
    simplecov-html (0.10.0)
    sprockets (2.12.4)
      hike (~> 1.2)
      multi_json (~> 1.0)
      rack (~> 1.0)
      tilt (~> 1.1, != 1.3.0)
    sprockets-helpers (1.2.1)
      sprockets (>= 2.2)
    sprockets-sass (1.3.1)
      sprockets (~> 2.0)
      tilt (~> 1.1)
    team_hub (0.0.6)
      hash-joiner
      jekyll
      weekly_snippets
    term-ansicolor (1.3.2)
      tins (~> 1.0)
    test_temp_file_helper (0.0.3)
      rake (~> 10.0)
    therubyracer (0.12.2)
      libv8 (~> 3.16.14.0)
      ref
    thor (0.19.1)
    tilt (1.4.1)
    tins (1.6.0)
    typhoeus (0.8.0)
      ethon (>= 0.8.0)
    uglifier (2.7.2)
      execjs (>= 0.3.0)
      json (>= 1.8.0)
    unf (0.1.4)
      unf_ext
    unf_ext (0.0.7.1)
    weekly_snippets (0.0.2)
    yell (2.0.5)

PLATFORMS
  ruby

DEPENDENCIES
  RedCloth
  about_yml
  bourbon
  codeclimate-test-reporter
  coveralls
  go_script
  hash-joiner
  html-proofer
  jekyll
  jekyll-assets
  jekyll-sitemap
  jekyll_pages_api
  jekyll_pages_api_search
  liquid_pluralize
  minitest
  rake
  redcarpet
  rouge
  team_hub
  test_temp_file_helper
  uglifier
  weekly_snippets

BUNDLED WITH
   1.12.3
